PATH
  remote: .
  specs:
    nordigen-ruby (1.0.1)
      dotenv (~> 2.7.6)
      faraday (~> 1.8.0)
      faraday_middleware (~> 1.2.0)

GEM
  remote: https://rubygems.org/
  specs:
    dotenv (2.7.6)
    faraday (1.8.0)
      faraday-em_http (~> 1.0)
      faraday-em_synchrony (~> 1.0)
      faraday-excon (~> 1.1)
      faraday-httpclient (~> 1.0.1)
      faraday-net_http (~> 1.0)
      faraday-net_http_persistent (~> 1.1)
      faraday-patron (~> 1.0)
      faraday-rack (~> 1.0)
      multipart-post (>= 1.2, < 3)
      ruby2_keywords (>= 0.0.4)
    faraday-em_http (1.0.0)
    faraday-em_synchrony (1.0.0)
    faraday-excon (1.1.0)
    faraday-httpclient (1.0.1)
    faraday-net_http (1.0.1)
    faraday-net_http_persistent (1.2.0)
    faraday-patron (1.0.0)
    faraday-rack (1.0.0)
    faraday_middleware (1.2.0)
      faraday (~> 1.0)
    multipart-post (2.1.1)
    power_assert (2.0.1)
    rake (13.0.6)
    ruby2_keywords (0.0.5)
    test-unit (3.5.3)
      power_assert

PLATFORMS
  x86_64-linux

DEPENDENCIES
  dotenv (~> 2.7.6)
  faraday (~> 1.8.0)
  faraday_middleware (~> 1.2.0)
  nordigen-ruby!
  rake (~> 13.0)
  test-unit (~> 3.5.3)

BUNDLED WITH
   2.3.4
