PATH
  remote: .
  specs:
    nordigen-ruby (2.0.0)
      faraday (~> 2.5.2)

GEM
  remote: https://rubygems.org/
  specs:
    dotenv (2.8.1)
    faraday (2.5.2)
      faraday-net_http (>= 2.0, < 3.1)
      ruby2_keywords (>= 0.0.4)
    faraday-net_http (3.0.0)
    power_assert (2.0.1)
    rake (13.0.6)
    ruby2_keywords (0.0.5)
    test-unit (3.5.3)
      power_assert

PLATFORMS
  x86_64-linux

DEPENDENCIES
  dotenv (~> 2.8.1)
  faraday (~> 2.5.2)
  nordigen-ruby!
  rake (~> 13.0)
  test-unit (~> 3.5.3)

BUNDLED WITH
   2.3.4
